GEM
  remote: https://rubygems.org/
  specs:
    pluralize (0.2.0)

PLATFORMS
  ruby

DEPENDENCIES
  pluralize
